PATH
  remote: .
  specs:
    chinese_phrases (0.1.2)
      httparty (~> 0.17)
      thor (~> 0.20)
      tradsim (~> 0.5)

GEM
  remote: https://rubygems.org/
  specs:
    httparty (0.17.1)
      mime-types (~> 3.0)
      multi_xml (>= 0.5.2)
    mime-types (3.3)
      mime-types-data (~> 3.2015)
    mime-types-data (3.2019.1009)
    multi_xml (0.6.0)
    rake (13.0.1)
    thor (0.20.3)
    tradsim (0.5.1)

PLATFORMS
  ruby

DEPENDENCIES
  bundler (~> 2.0)
  chinese_phrases!
  rake (~> 13.0)

BUNDLED WITH
   2.0.2
