GEM
  remote: https://rubygems.org/
  specs:
    byebug (11.0.1)
    httparty (0.17.0)
      mime-types (~> 3.0)
      multi_xml (>= 0.5.2)
    mime-types (3.2.2)
      mime-types-data (~> 3.2015)
    mime-types-data (3.2019.0331)
    multi_xml (0.6.0)
    tradsim (0.5.1)

PLATFORMS
  ruby

DEPENDENCIES
  byebug
  httparty
  tradsim

BUNDLED WITH
   2.0.1
